GEM
  remote: https://rubygems.org/
  specs:
    coderay (1.1.3)
    excon (0.78.0)
    method_source (1.0.0)
    pry (0.13.1)
      coderay (~> 1.1)
      method_source (~> 1.0)

PLATFORMS
  ruby

DEPENDENCIES
  excon
  pry

BUNDLED WITH
   2.1.4
